GIT
  remote: git@github.com:gashaw-mola/phantom-manager.git
  revision: 85c146dad5e9ec45d3976d46c6d1f0b4dd29b185
  specs:
    phantom-manager (0.1.0)

GEM
  remote: https://rubygems.org/
  specs:
    god (0.13.2)

PLATFORMS
  ruby

DEPENDENCIES
  god
  phantom-manager!
